PATH
  remote: .
  specs:
    jruby-lint (0.4.1)
      jruby-openssl
      nokogiri (>= 1.5.0.beta.4)
      term-ansicolor

GEM
  remote: http://rubygems.org/
  specs:
    aruba (0.4.11)
      childprocess (>= 0.2.3)
      cucumber (>= 1.1.1)
      ffi (>= 1.0.11)
      rspec (>= 2.7.0)
    bouncy-castle-java (1.5.0146.1)
    builder (3.1.4)
    childprocess (0.3.6)
      ffi (~> 1.0, >= 1.0.6)
    coderay (1.0.8)
    cucumber (1.2.1)
      builder (>= 2.1.2)
      diff-lcs (>= 1.1.3)
      gherkin (~> 2.11.0)
      json (>= 1.4.6)
    diff-lcs (1.1.3)
    ffi (1.1.5-java)
    gherkin (2.11.5-java)
      json (>= 1.4.6)
    growl (1.0.3)
    guard (1.5.3)
      listen (>= 0.4.2)
      lumberjack (>= 1.0.2)
      pry (>= 0.9.10)
      thor (>= 0.14.6)
    guard-rspec (0.3.1)
      guard (>= 0.2.2)
    jruby-openssl (0.8.2)
      bouncy-castle-java (>= 1.5.0146.1)
    json (1.7.5-java)
    listen (0.5.3)
    lumberjack (1.0.2)
    method_source (0.8.1)
    nokogiri (1.5.7.rc1-java)
    pry (0.9.10-java)
      coderay (~> 1.0.5)
      method_source (~> 0.8)
      slop (~> 3.3.1)
      spoon (~> 0.0)
    rake (10.0.3)
    rb-fsevent (0.9.2)
    rcov (0.9.11-java)
    rspec (2.11.0)
      rspec-core (~> 2.11.0)
      rspec-expectations (~> 2.11.0)
      rspec-mocks (~> 2.11.0)
    rspec-core (2.11.1)
    rspec-expectations (2.11.3)
      diff-lcs (~> 1.1.3)
    rspec-given (1.3.1)
      rspec (~> 2.0)
    rspec-mocks (2.11.3)
    slop (3.3.3)
    spoon (0.0.1)
    term-ansicolor (1.0.7)
    thor (0.16.0)

PLATFORMS
  java

DEPENDENCIES
  aruba
  childprocess
  growl
  guard
  guard-rspec
  jruby-lint!
  rake
  rb-fsevent
  rcov
  rspec (>= 2.5)
  rspec-given
