PATH
  remote: .
  specs:
    jruby-lint (0.3.0)
      jruby-openssl
      nokogiri (>= 1.5.0.beta.4)
      term-ansicolor

GEM
  remote: http://rubygems.org/
  specs:
    aruba (0.3.6)
      childprocess (>= 0.1.7)
      cucumber (>= 0.10.0)
      rspec (>= 2.5.0)
    bouncy-castle-java (1.5.0146.1)
    builder (3.0.0)
    childprocess (0.2.9)
      ffi (~> 1.0.6)
    cucumber (0.10.2)
      builder (>= 2.1.2)
      diff-lcs (>= 1.1.2)
      gherkin (>= 2.3.5)
      json (>= 1.4.6)
      term-ansicolor (>= 1.0.5)
    diff-lcs (1.1.2)
    ffi (1.0.11-java)
    gherkin (2.3.7-java)
      json (>= 1.4.6)
    growl (1.0.3)
    guard (0.3.4)
      thor (~> 0.14.6)
    guard-rspec (0.3.1)
      guard (>= 0.2.2)
    jruby-openssl (0.7.4)
      bouncy-castle-java
    json (1.5.1-java)
    nokogiri (1.5.0-java)
    rake (0.9.2.2)
    rb-fsevent (0.4.0)
    rcov (0.9.11-java)
    rspec (2.5.0)
      rspec-core (~> 2.5.0)
      rspec-expectations (~> 2.5.0)
      rspec-mocks (~> 2.5.0)
    rspec-core (2.5.2)
    rspec-expectations (2.5.0)
      diff-lcs (~> 1.1.2)
    rspec-given (1.3.1)
      rspec (~> 2.0)
    rspec-mocks (2.5.0)
    term-ansicolor (1.0.5)
    thor (0.14.6)

PLATFORMS
  java

DEPENDENCIES
  aruba
  childprocess
  growl
  guard
  guard-rspec
  jruby-lint!
  rake
  rb-fsevent
  rcov
  rspec (>= 2.5)
  rspec-given
